GEM
  remote: https://rubygems.org/
  specs:
    activemodel (5.0.2)
      activesupport (= 5.0.2)
    activesupport (5.0.2)
      concurrent-ruby (~> 1.0, >= 1.0.2)
      i18n (~> 0.7)
      minitest (~> 5.1)
      tzinfo (~> 1.1)
    bson (4.2.1)
    concurrent-ruby (1.0.5)
    diff-lcs (1.3)
    equatable (0.5.0)
    i18n (0.8.1)
    metaclass (0.0.4)
    minitest (5.10.1)
    mocha (1.2.1)
      metaclass (~> 0.0.1)
    mongo (2.4.1)
      bson (>= 4.2.1, < 5.0.0)
    mongoid (6.1.0)
      activemodel (~> 5.0)
      mongo (>= 2.4.1, < 3.0.0)
    necromancer (0.3.0)
    pastel (0.7.1)
      equatable (~> 0.5.0)
      tty-color (~> 0.4.0)
    thread_safe (0.3.6)
    tty (0.6.1)
      equatable (~> 0.5.0)
      pastel (~> 0.7.0)
      tty-color (~> 0.4.0)
      tty-command (~> 0.4.0)
      tty-cursor (~> 0.3.0)
      tty-editor (~> 0.1.0)
      tty-file (~> 0.2.0)
      tty-pager (~> 0.5.0)
      tty-platform (~> 0.1.0)
      tty-progressbar (~> 0.10.0)
      tty-prompt (~> 0.10.0)
      tty-screen (~> 0.5.0)
      tty-spinner (~> 0.4.0)
      tty-table (~> 0.7.0)
      tty-which (~> 0.2.0)
    tty-color (0.4.2)
    tty-command (0.4.0)
      pastel (~> 0.7.0)
    tty-cursor (0.3.0)
    tty-editor (0.1.2)
      tty-prompt (~> 0.10.0)
      tty-which (~> 0.2.0)
    tty-file (0.2.1)
      diff-lcs (~> 1.3.0)
      pastel (~> 0.7.0)
      tty-prompt (~> 0.10.0)
    tty-pager (0.5.0)
      tty-screen (~> 0.5.0)
      tty-which (~> 0.2.0)
      verse (~> 0.5.0)
    tty-platform (0.1.0)
    tty-progressbar (0.10.1)
      tty-screen (~> 0.5.0)
    tty-prompt (0.10.1)
      necromancer (~> 0.3.0)
      pastel (~> 0.7.0)
      tty-cursor (~> 0.3.0)
      wisper (~> 1.6.1)
    tty-screen (0.5.0)
    tty-spinner (0.4.1)
    tty-table (0.7.0)
      equatable (~> 0.5.0)
      necromancer (~> 0.3.0)
      pastel (~> 0.7.0)
      tty-screen (~> 0.5.0)
      unicode-display_width (~> 1.1.0)
      verse (~> 0.5.0)
    tty-which (0.2.2)
    tzinfo (1.2.3)
      thread_safe (~> 0.1)
    unicode-display_width (1.1.3)
    unicode_utils (1.4.0)
    verse (0.5.0)
      unicode-display_width (~> 1.1.0)
      unicode_utils (~> 1.4.0)
    wisper (1.6.1)

PLATFORMS
  ruby

DEPENDENCIES
  bundler (~> 1.14, >= 1.14.4)
  minitest (~> 5.10, >= 5.10.1)
  mocha
  mongoid (~> 6.1)
  tty

BUNDLED WITH
   1.14.4
