GEM
  remote: https://rubygems.org/
  specs:
    minitest (5.10.1)

PLATFORMS
  ruby

DEPENDENCIES
  bundler (~> 1.14, >= 1.14.4)
  minitest (~> 5.10, >= 5.10.1)

BUNDLED WITH
   1.14.4
