GEM
  remote: https://rubygems.org/
  specs:
    metaclass (0.0.4)
    minitest (5.10.1)
    mocha (1.2.1)
      metaclass (~> 0.0.1)

PLATFORMS
  ruby

DEPENDENCIES
  bundler (~> 1.14, >= 1.14.4)
  minitest (~> 5.10, >= 5.10.1)
  mocha

BUNDLED WITH
   1.14.4
